GEM
  remote: http://rubygems.org/
  specs:
    RedCloth (4.2.7)
    haml (5.0.0)
      temple (>= 0.8.0)
      tilt
    rack (1.2.2)
    sinatra (1.2.3)
      rack (~> 1.1)
      tilt (>= 1.2.2, < 2.0)
    temple (0.8.2)
    tilt (1.2.2)

PLATFORMS
  ruby

DEPENDENCIES
  RedCloth (= 4.2.7)
  haml (= 5.0.0)
  sinatra (= 1.2.3)
