GEM
  remote: http://rubygems.org/
  specs:
    RedCloth (4.2.7)
    haml (3.0.25)
    rack (1.6.12)
    sinatra (1.2.3)
      rack (~> 1.1)
      tilt (>= 1.2.2, < 2.0)
    tilt (1.2.2)

PLATFORMS
  ruby

DEPENDENCIES
  RedCloth (= 4.2.7)
  haml (= 3.0.25)
  sinatra (= 1.2.3)
